GIT
  remote: https://github.com/joeldrapper/quickdraw.git
  revision: ef9e495f9bdec7a82385aedcd1ec355790f527e7
  specs:
    quickdraw (0.1.0)
      difftastic (~> 0.1)
      io-watch (~> 0.6)

PATH
  remote: .
  specs:
    difftastic (0.2.0)

GEM
  remote: https://rubygems.org/
  specs:
    ast (2.4.2)
    diff-lcs (1.5.1)
    io-watch (0.6.3)
    json (2.9.1)
    language_server-protocol (3.17.0.4)
    logger (1.6.5)
    minitest (5.25.4)
    parallel (1.26.3)
    parser (3.3.7.0)
      ast (~> 2.4.1)
      racc
    prism (1.3.0)
    racc (1.8.1)
    rainbow (3.1.1)
    rake (13.2.1)
    rbs (3.8.1)
      logger
    regexp_parser (2.10.0)
    rspec-expectations (3.13.3)
      diff-lcs (>= 1.2.0, < 2.0)
      rspec-support (~> 3.13.0)
    rspec-support (3.13.2)
    rubocop (1.71.0)
      json (~> 2.3)
      language_server-protocol (>= 3.17.0)
      parallel (~> 1.10)
      parser (>= 3.3.0.2)
      rainbow (>= 2.2.2, < 4.0)
      regexp_parser (>= 2.9.3, < 3.0)
      rubocop-ast (>= 1.36.2, < 2.0)
      ruby-progressbar (~> 1.7)
      unicode-display_width (>= 2.4.0, < 4.0)
    rubocop-ast (1.38.0)
      parser (>= 3.3.1.0)
    ruby-lsp (0.23.6)
      language_server-protocol (~> 3.17.0)
      prism (>= 1.2, < 2.0)
      rbs (>= 3, < 4)
      sorbet-runtime (>= 0.5.10782)
    ruby-progressbar (1.13.0)
    rubyzip (2.4.1)
    sorbet-runtime (0.5.11784)
    unicode-display_width (3.1.4)
      unicode-emoji (~> 4.0, >= 4.0.4)
    unicode-emoji (4.0.4)

PLATFORMS
  aarch64-linux-gnu
  aarch64-linux-musl
  arm-linux-gnu
  arm-linux-musl
  arm64-darwin
  x86_64-darwin
  x86_64-linux-gnu
  x86_64-linux-musl

DEPENDENCIES
  difftastic!
  minitest
  quickdraw!
  rake
  rspec-expectations
  rubocop
  ruby-lsp
  rubyzip

BUNDLED WITH
   2.6.2
